PATH
  remote: .
  specs:
    sinatra-advanced-routes (0.5.2)
      sinatra (~> 1.0)

GEM
  remote: https://rubygems.org/
  specs:
    backports (3.3.0)
    diff-lcs (1.2.3)
    eventmachine (1.0.3)
    rack (1.5.2)
    rack-protection (1.5.0)
      rack
    rack-test (0.6.2)
      rack (>= 1.0)
    rake (10.0.4)
    rspec (2.13.0)
      rspec-core (~> 2.13.0)
      rspec-expectations (~> 2.13.0)
      rspec-mocks (~> 2.13.0)
    rspec-core (2.13.1)
    rspec-expectations (2.13.0)
      diff-lcs (>= 1.1.3, < 2.0)
    rspec-mocks (2.13.1)
    sinatra (1.4.2)
      rack (~> 1.5, >= 1.5.2)
      rack-protection (~> 1.4)
      tilt (~> 1.3, >= 1.3.4)
    sinatra-contrib (1.4.0)
      backports (>= 2.0)
      eventmachine
      rack-protection
      rack-test
      sinatra (~> 1.4.2)
      tilt (~> 1.3)
    tilt (1.3.7)

PLATFORMS
  ruby

DEPENDENCIES
  rack-test
  rake
  rspec (>= 1.3.0)
  sinatra-advanced-routes!
  sinatra-contrib
